PATH
  remote: ../el
  specs:
    el (0.1.0)
      rack
      rack-contrib
      zeitwerk

PATH
  remote: ../hash_delegator
  specs:
    hash_delegator (0.1.0)

PATH
  remote: ../predicate_string
  specs:
    predicate_string (0.1.0)

GEM
  remote: https://rubygems.org/
  specs:
    diff-lcs (1.4.4)
    dotenv (2.7.6)
    rack (2.2.3)
    rack-contrib (2.3.0)
      rack (~> 2.0)
    rake (13.0.3)
    rspec (3.10.0)
      rspec-core (~> 3.10.0)
      rspec-expectations (~> 3.10.0)
      rspec-mocks (~> 3.10.0)
    rspec-core (3.10.1)
      rspec-support (~> 3.10.0)
    rspec-expectations (3.10.1)
      diff-lcs (>= 1.2.0, < 2.0)
      rspec-support (~> 3.10.0)
    rspec-mocks (3.10.2)
      diff-lcs (>= 1.2.0, < 2.0)
      rspec-support (~> 3.10.0)
    rspec-support (3.10.2)
    stripe (5.32.1)
    zeitwerk (2.4.2)

PLATFORMS
  ruby

DEPENDENCIES
  dotenv
  el!
  hash_delegator!
  predicate_string!
  rake
  rspec
  stripe

BUNDLED WITH
   2.1.4
