GIT
  remote: https://github.com/delonnewman/hash_delegator.git
  revision: b0661844c851c979966b90b849d75519c72f14fe
  specs:
    hash_delegator (0.1.0)

PATH
  remote: vendor/rack-routable
  specs:
    rack-routable (0.1.0)
      rack

GEM
  remote: https://rubygems.org/
  specs:
    diff-lcs (1.4.4)
    dotenv (2.7.6)
    rack (2.2.3)
    rack-contrib (2.3.0)
      rack (~> 2.0)
    rake (13.0.3)
    rspec (3.10.0)
      rspec-core (~> 3.10.0)
      rspec-expectations (~> 3.10.0)
      rspec-mocks (~> 3.10.0)
    rspec-core (3.10.1)
      rspec-support (~> 3.10.0)
    rspec-expectations (3.10.1)
      diff-lcs (>= 1.2.0, < 2.0)
      rspec-support (~> 3.10.0)
    rspec-mocks (3.10.2)
      diff-lcs (>= 1.2.0, < 2.0)
      rspec-support (~> 3.10.0)
    rspec-support (3.10.2)
    sequel (5.43.0)
    sqlite3 (1.4.2)
    stripe (5.32.1)
    webrick (1.7.0)
    yard (0.9.26)

PLATFORMS
  ruby

DEPENDENCIES
  dotenv
  hash_delegator!
  rack
  rack-contrib
  rack-routable!
  rake
  rspec
  sequel
  sqlite3
  stripe
  webrick
  yard

BUNDLED WITH
   2.2.16
