GIT
  remote: https://github.com/delonnewman/hash_delegator.git
  revision: b0661844c851c979966b90b849d75519c72f14fe
  specs:
    hash_delegator (0.1.0)

GIT
  remote: https://github.com/delonnewman/shotgun.git
  revision: 762eae9e4eac5babdc4e3e0cea1beeeb427638ea
  specs:
    shotgun (0.9.2)
      rack (>= 1.0)

PATH
  remote: vendor/rack-routable
  specs:
    rack-routable (0.1.0)
      rack

GEM
  remote: https://rubygems.org/
  specs:
    bcrypt (3.1.16)
    coderay (1.1.3)
    diff-lcs (1.4.4)
    dotenv (2.7.6)
    erubi (1.10.0)
    ffi (1.15.0)
    formatador (0.2.5)
    guard (2.17.0)
      formatador (>= 0.2.4)
      listen (>= 2.7, < 4.0)
      lumberjack (>= 1.0.12, < 2.0)
      nenv (~> 0.1)
      notiffany (~> 0.0)
      pry (>= 0.9.12)
      shellany (~> 0.0)
      thor (>= 0.18.1)
    guard-compat (1.2.1)
    guard-rspec (4.7.3)
      guard (~> 2.1)
      guard-compat (~> 1.1)
      rspec (>= 2.99.0, < 4.0)
    inflection (1.0.0)
    listen (3.5.1)
      rb-fsevent (~> 0.10, >= 0.10.3)
      rb-inotify (~> 0.9, >= 0.9.10)
    lumberjack (1.2.8)
    memory_profiler (1.0.0)
    method_source (1.0.0)
    nenv (0.3.0)
    nio4r (2.5.7)
    notiffany (0.1.3)
      nenv (~> 0.1)
      shellany (~> 0.0)
    pg (1.2.3)
    pry (0.14.1)
      coderay (~> 1.1)
      method_source (~> 1.0)
    puma (5.2.2)
      nio4r (~> 2.0)
    rack (2.2.3)
    rack-contrib (2.3.0)
      rack (~> 2.0)
    rack-flash3 (1.0.5)
      rack
    rack-mini-profiler (2.3.2)
      rack (>= 1.2.0)
    rack_csrf (2.6.0)
      rack (>= 1.1.0)
    rake (13.0.3)
    rb-fsevent (0.11.0)
    rb-inotify (0.10.1)
      ffi (~> 1.0)
    rspec (3.10.0)
      rspec-core (~> 3.10.0)
      rspec-expectations (~> 3.10.0)
      rspec-mocks (~> 3.10.0)
    rspec-core (3.10.1)
      rspec-support (~> 3.10.0)
    rspec-expectations (3.10.1)
      diff-lcs (>= 1.2.0, < 2.0)
      rspec-support (~> 3.10.0)
    rspec-mocks (3.10.2)
      diff-lcs (>= 1.2.0, < 2.0)
      rspec-support (~> 3.10.0)
    rspec-support (3.10.2)
    sequel (5.43.0)
    shellany (0.0.1)
    stackprof (0.2.17)
    stripe (5.32.1)
    thor (1.1.0)
    webrick (1.7.0)
    yard (0.9.26)

PLATFORMS
  ruby

DEPENDENCIES
  bcrypt
  dotenv
  erubi
  guard
  guard-rspec
  hash_delegator!
  inflection
  memory_profiler
  pg
  puma
  rack
  rack-contrib
  rack-flash3
  rack-mini-profiler
  rack-routable!
  rack_csrf
  rake
  rspec
  sequel
  shotgun!
  stackprof
  stripe
  webrick
  yard

RUBY VERSION
   ruby 3.0.1p64

BUNDLED WITH
   2.2.16
